GEM
  remote: https://rubygems.org/
  specs:
    daemons (1.1.9)
    em-synchrony (1.0.3)
      eventmachine (>= 1.0.0.beta.1)
    eventmachine (1.0.3)
    hashie (2.0.5)
    http_router (0.11.1)
      rack (>= 1.0.0)
      url_mount (~> 0.2.1)
    multi_json (1.9.2)
    oj (2.6.0)
    rack (1.5.2)
    rack-fiber_pool (0.9.3)
    thin (1.6.2)
      daemons (>= 1.0.9)
      eventmachine (>= 1.0.0)
      rack (>= 1.0.0)
    url_mount (0.2.1)
      rack

PLATFORMS
  ruby

DEPENDENCIES
  em-synchrony
  hashie
  http_router
  multi_json
  oj
  rack-fiber_pool
  thin
